GEM
  remote: https://rubygems.org/
  specs:
    bcrypt (3.1.12-x64-mingw32)
    mustermann (1.0.3)
    mysql2 (0.5.2-x64-mingw32)
    rack (2.0.6)
    rack-protection (2.0.5)
      rack
    sinatra (2.0.5)
      mustermann (~> 1.0)
      rack (~> 2.0)
      rack-protection (= 2.0.5)
      tilt (~> 2.0)
    tilt (2.0.9)

PLATFORMS
  x64-mingw32

DEPENDENCIES
  bcrypt (~> 3.1, >= 3.1.12)
  mysql2
  sinatra

RUBY VERSION
   ruby 2.4.4p296

BUNDLED WITH
   1.17.1
